GEM
  remote: https://rubygems.org/
  specs:
    r-fxxk (0.4.0)

PLATFORMS
  ruby

DEPENDENCIES
  r-fxxk

BUNDLED WITH
   2.1.2
